GEM
  remote: https://rubygems.org/
  specs:
    activesupport (5.2.4.3)
      concurrent-ruby (~> 1.0, >= 1.0.2)
      i18n (>= 0.7, < 2)
      minitest (~> 5.1)
      tzinfo (~> 1.1)
    akami (1.3.1)
      gyoku (>= 0.4.0)
      nokogiri
    builder (3.2.3)
    concurrent-ruby (1.1.10)
    curb (0.9.8)
    gyoku (1.3.1)
      builder (>= 2.1.2)
    httpi (2.4.4)
      rack
      socksify
    i18n (1.12.0)
      concurrent-ruby (~> 1.0)
    mini_portile2 (2.8.0)
    minitest (5.16.2)
    nokogiri (1.13.9)
      mini_portile2 (~> 2.8.0)
      racc (~> 1.4)
    nori (2.6.0)
    racc (1.6.0)
    rack (2.2.4)
    savon (2.12.0)
      akami (~> 1.2)
      builder (>= 2.1.2)
      gyoku (~> 1.2)
      httpi (~> 2.3)
      nokogiri (>= 1.8.1)
      nori (~> 2.4)
      wasabi (~> 3.4)
    socksify (1.7.1)
    thread_safe (0.3.6)
    tzinfo (1.2.10)
      thread_safe (~> 0.1)
    wasabi (3.5.0)
      httpi (~> 2.0)
      nokogiri (>= 1.4.2)

PLATFORMS
  ruby

DEPENDENCIES
  activesupport (>= 3.0.0)
  curb (>= 0.8.4)
  savon (>= 2.3.0)

BUNDLED WITH
   1.16.4
